GIT
  remote: https://github.com/galliani/airtable_client.git
  revision: 121e322f82a07e7c77fb5f6c8ddecdbcd1d8b13f
  specs:
    airtable (0.1.0)
      faraday (~> 0.11.0)
      faraday_middleware (~> 0.10.1)

PATH
  remote: .
  specs:
    jekyll-airtable (0.1.0)

GEM
  remote: https://rubygems.org/
  specs:
    byebug (10.0.2)
    diff-lcs (1.3)
    dotenv (2.5.0)
    faraday (0.11.0)
      multipart-post (>= 1.2, < 3)
    faraday_middleware (0.10.1)
      faraday (>= 0.7.4, < 1.0)
    multipart-post (2.0.0)
    rake (10.5.0)
    rspec (3.8.0)
      rspec-core (~> 3.8.0)
      rspec-expectations (~> 3.8.0)
      rspec-mocks (~> 3.8.0)
    rspec-core (3.8.0)
      rspec-support (~> 3.8.0)
    rspec-expectations (3.8.1)
      diff-lcs (>= 1.2.0, < 2.0)
      rspec-support (~> 3.8.0)
    rspec-mocks (3.8.0)
      diff-lcs (>= 1.2.0, < 2.0)
      rspec-support (~> 3.8.0)
    rspec-support (3.8.0)

PLATFORMS
  ruby

DEPENDENCIES
  airtable!
  bundler (~> 1.16)
  byebug
  dotenv
  jekyll-airtable!
  rake (~> 10.0)
  rspec (~> 3.0)

BUNDLED WITH
   1.16.1
